GEM
  remote: http://rubygems.org/
  specs:
    addressable (2.3.6)
    ansi (1.4.3)
    daemons (1.1.9)
    data_objects (0.10.14)
      addressable (~> 2.1)
    dm-core (1.2.1)
      addressable (~> 2.3)
    dm-migrations (1.2.0)
      dm-core (~> 1.2.0)
    em-websocket (0.3.8)
      addressable (>= 2.1.1)
      eventmachine (>= 0.12.9)
    erubis (2.7.0)
    eventmachine (1.0.3)
    execjs (2.0.2)
    file-tail (1.0.11)
      tins (~> 0.5.0)
    json (1.8.1)
    librex (0.0.68)
    libv8 (3.16.14.3)
    msfrpc-client (1.0.1)
      librex (>= 0.0.32)
      msgpack (>= 0.4.5)
    msgpack (0.5.8)
    multi_json (1.9.2)
    parseconfig (1.0.4)
    pg (0.17.1)
    rack (1.5.2)
    rack-protection (1.5.3)
      rack
    rainbow (2.0.0)
    ref (1.0.5)
    rexec (1.6.3)
      rainbow
    ruby2ruby (2.0.8)
      ruby_parser (~> 3.1)
      sexp_processor (~> 4.0)
    ruby_parser (3.5.0)
      sexp_processor (~> 4.1)
    rubydns (0.7.3)
      eventmachine (~> 1.0.0)
      rexec (~> 1.6.2)
    rubyzip (1.1.3)
    sexp_processor (4.4.3)
    sinatra (1.4.2)
      rack (~> 1.5, >= 1.5.2)
      rack-protection (~> 1.4)
      tilt (~> 1.3, >= 1.3.4)
    sourcify (0.5.0)
      file-tail (>= 1.0.5)
      ruby2ruby (>= 1.2.5)
      ruby_parser (>= 2.0.5)
      sexp_processor (>= 3.0.5)
    term-ansicolor (1.1.5)
    therubyracer (0.12.1)
      libv8 (~> 3.16.14.0)
      ref
    thin (1.6.2)
      daemons (>= 1.0.9)
      eventmachine (>= 1.0.0)
      rack (>= 1.0.0)
    tilt (1.4.1)
    tins (0.5.6)
    uglifier (2.2.1)
      execjs (>= 0.3.0)
      multi_json (~> 1.0, >= 1.0.2)

PLATFORMS
  ruby

DEPENDENCIES
  ansi
  data_objects
  dm-core
  dm-migrations
  em-websocket (~> 0.3.6)
  erubis
  eventmachine (= 1.0.3)
  execjs
  json
  msfrpc-client
  parseconfig
  pg
  rack (= 1.5.2)
  rubydns
  rubyzip (>= 1.0.0)
  sinatra (= 1.4.2)
  sourcify
  term-ansicolor
  therubyracer
  thin
  uglifier (~> 2.2.1)
